GEM
  remote: https://rubygems.org/
  specs:
    daemons (1.3.1)
    eventmachine (1.2.7)
    mime-types (2.0)
    mustermann (1.0.3)
    rack (2.0.8)
    rack-protection (2.0.7)
      rack
    rest-client (1.6.7)
      mime-types (>= 1.16)
    ruby-openid (2.3.0)
    sequel (4.5.0)
    sinatra (2.0.7)
      mustermann (~> 1.0)
      rack (~> 2.0)
      rack-protection (= 2.0.7)
      tilt (~> 2.0)
    thin (1.7.2)
      daemons (~> 1.0, >= 1.0.9)
      eventmachine (~> 1.0, >= 1.0.4)
      rack (>= 1, < 3)
    tilt (2.0.10)
    yajl-ruby (1.1.0)

PLATFORMS
  ruby

DEPENDENCIES
  rest-client
  ruby-openid
  sequel
  sinatra (>= 1.4.4)
  thin (>= 1.6.1)
  yajl-ruby

BUNDLED WITH
   1.17.3
